GEM
  remote: https://rubygems.org/
  specs:
    addressable (2.8.0)
      public_suffix (>= 2.0.2, < 5.0)
    anystyle (1.3.5)
      anystyle-data (~> 1.2)
      bibtex-ruby (~> 5.0)
      namae (~> 1.0)
      wapiti (~> 1.0, >= 1.0.2)
    anystyle-data (1.2.0)
    bibtex-ruby (5.1.1)
      latex-decode (~> 0.0)
    buftok (0.2.0)
    builder (3.2.3)
    domain_name (0.5.20190701)
      unf (>= 0.0.5, < 1.0.0)
    equalizer (0.0.11)
    faraday (0.15.4)
      multipart-post (>= 1.2, < 3)
    http (3.3.0)
      addressable (~> 2.3)
      http-cookie (~> 1.0)
      http-form_data (~> 2.0)
      http_parser.rb (~> 0.6.0)
    http-cookie (1.0.3)
      domain_name (~> 0.5)
    http-form_data (2.1.1)
    http_parser.rb (0.6.0)
    latex-decode (0.3.1)
    macaddr (1.7.2)
      systemu (~> 2.6.5)
    memoizable (0.4.2)
      thread_safe (~> 0.3, >= 0.3.1)
    multi_json (1.14.1)
    multipart-post (2.1.1)
    namae (1.0.1)
    naught (1.1.0)
    octokit (4.14.0)
      sawyer (~> 0.8.0, >= 0.5.3)
    public_suffix (4.0.6)
    rake (12.3.3)
    sawyer (0.8.2)
      addressable (>= 2.3.5)
      faraday (> 0.8, < 2.0)
    simple_oauth (0.3.1)
    systemu (2.6.5)
    thread_safe (0.3.6)
    twitter (6.2.0)
      addressable (~> 2.3)
      buftok (~> 0.2.0)
      equalizer (~> 0.0.11)
      http (~> 3.0)
      http-form_data (~> 2.0)
      http_parser.rb (~> 0.6.0)
      memoizable (~> 0.4.0)
      multipart-post (~> 2.0)
      naught (~> 1.0)
      simple_oauth (~> 0.3.0)
    unf (0.1.4)
      unf_ext
    unf_ext (0.0.7.6)
    uuid (2.3.9)
      macaddr (~> 1.0)
    wapiti (1.0.5)
      builder (~> 3.2)

PLATFORMS
  ruby

DEPENDENCIES
  anystyle (~> 1.3, >= 1.3.3)
  faraday (~> 0.15.4)
  multi_json (~> 1.13, >= 1.13.1)
  octokit (~> 4.14)
  rake (~> 12.3, >= 12.3.2)
  twitter (~> 6.2)
  uuid (~> 2.3, >= 2.3.9)

RUBY VERSION
   ruby 2.7.0p0

BUNDLED WITH
   2.1.3
